GIT
  remote: git://github.com/seyhunak/twitter-bootstrap-rails.git
  revision: 98366d05f29e3a920db62540512fb586fc144fa5
  specs:
    twitter-bootstrap-rails (2.2.6)
      actionpack (>= 3.1)
      execjs
      railties (>= 3.1)

GIT
  remote: https://github.com/10to1/spreadsheet_on_rails.git
  revision: 4cae748d51cce64085062a7debde3e57bfd09e5c
  specs:
    spreadsheet_on_rails (1.0.0)
      rails (~> 3.2.1)
      spreadsheet

GIT
  remote: https://github.com/amatsuda/kaminari.git
  revision: e9d3ed2b68235b742df5c682da659d1cfe8c1776
  specs:
    kaminari (0.14.1)
      actionpack (>= 3.0.0)
      activesupport (>= 3.0.0)

GIT
  remote: https://github.com/brainspec/enumerize.git
  revision: 9dc06ba60d0f134db726c2da52c8d255dbc07eba
  ref: 9dc06ba60d0f134db726c2da52c8d255dbc07eba
  specs:
    enumerize (0.5.1)
      activesupport (>= 3.2)

GIT
  remote: https://github.com/ctran/annotate_models.git
  revision: be4e26825b521f0b2d86b181e2dff89901aa9b1e
  specs:
    annotate (2.6.0.beta1)
      activerecord (>= 2.3.0)
      rake (>= 0.8.7)

GIT
  remote: https://github.com/lucaspiller/premailer.git
  revision: 1ba71b9b163a5c5e06b4e0680877ce345fdb38de
  specs:
    premailer (1.7.3)
      css_parser (>= 1.1.9)
      htmlentities (>= 4.0.0)

GIT
  remote: https://github.com/marcocampana/twitter-bootstrap-markup-rails.git
  revision: 3a0ebdc809f9580721ddd16f619e70a321614b07
  branch: master
  specs:
    twitter-bootstrap-markup-rails (0.2.0)
      railties (~> 3.0)

GEM
  remote: https://rubygems.org/
  remote: http://gemcutter.org/
  specs:
    RedCloth (4.2.9)
    actionmailer (3.2.12)
      actionpack (= 3.2.12)
      mail (~> 2.4.4)
    actionpack (3.2.12)
      activemodel (= 3.2.12)
      activesupport (= 3.2.12)
      builder (~> 3.0.0)
      erubis (~> 2.7.0)
      journey (~> 1.0.4)
      rack (~> 1.4.5)
      rack-cache (~> 1.2)
      rack-test (~> 0.6.1)
      sprockets (~> 2.2.1)
    active_utils (1.0.5)
      activesupport (>= 2.3.11)
      i18n
    activemerchant (1.28.0)
      active_utils (>= 1.0.2)
      activesupport (>= 2.3.11)
      builder (>= 2.0.0)
      i18n
      json (>= 1.5.1)
      money
      nokogiri
    activemodel (3.2.12)
      activesupport (= 3.2.12)
      builder (~> 3.0.0)
    activerecord (3.2.12)
      activemodel (= 3.2.12)
      activesupport (= 3.2.12)
      arel (~> 3.0.2)
      tzinfo (~> 0.3.29)
    activerecord-import (0.3.1)
      activerecord (~> 3.0)
      activerecord (~> 3.0)
    activeresource (3.2.12)
      activemodel (= 3.2.12)
      activesupport (= 3.2.12)
    activesupport (3.2.12)
      i18n (~> 0.6)
      multi_json (~> 1.0)
    acts_as_list (0.1.8)
    addressable (2.3.4)
    airbrake (3.0.9)
      activesupport
      builder
    airbrake_user_attributes (0.1.5)
      airbrake (= 3.0.9)
    arel (3.0.2)
    aws-sdk (1.6.6)
      httparty (~> 0.7)
      json (~> 1.4)
      nokogiri (>= 1.4.4)
      uuidtools (~> 2.1)
    backports (2.6.7)
    bcrypt-ruby (3.0.1)
    better_errors (0.3.2)
      coderay (>= 1.0.0)
      erubis (>= 2.7.0)
    binding_of_caller (0.6.8)
    bluecloth (2.2.0)
    bourne (1.1.2)
      mocha (= 0.10.5)
    builder (3.0.4)
    bullet (4.5.0)
      uniform_notifier
    capistrano (2.13.5)
      highline
      net-scp (>= 1.0.0)
      net-sftp (>= 2.0.0)
      net-ssh (>= 2.0.14)
      net-ssh-gateway (>= 1.1.0)
    capistrano-deploytags (0.7.0)
      capistrano
      capistrano-ext
    capistrano-detect-migrations (0.6.2)
      capistrano
      capistrano-deploytags
      capistrano-ext
    capistrano-ext (1.2.1)
      capistrano (>= 1.0.0)
    capybara (1.1.4)
      mime-types (>= 1.16)
      nokogiri (>= 1.3.3)
      rack (>= 1.0.0)
      rack-test (>= 0.5.4)
      selenium-webdriver (~> 2.0)
      xpath (~> 0.1.4)
    capybara-screenshot (0.3.6)
      capybara (>= 1.0, < 3)
    capybara-webkit (0.13.0)
      capybara (>= 1.0.0, < 1.2)
      json
    celluloid (0.12.4)
      facter (>= 1.6.12)
      timers (>= 1.0.0)
    childprocess (0.3.9)
      ffi (~> 1.0, >= 1.0.11)
    chronic_duration (0.9.6)
      numerizer (~> 0.1.1)
    chunky_png (1.2.7)
    climate_control (0.0.3)
      activesupport (>= 3.0)
    cocaine (0.5.1)
      climate_control (>= 0.0.3, < 1.0)
    coderay (1.0.8)
    coffee-rails (3.2.2)
      coffee-script (>= 2.2.0)
      railties (~> 3.2.0)
    coffee-script (2.2.0)
      coffee-script-source
      execjs
    coffee-script-source (1.5.0)
    columnize (0.3.6)
    commonjs (0.2.6)
    compass (0.12.2)
      chunky_png (~> 1.2)
      fssm (>= 0.2.7)
      sass (~> 3.1)
    compass-rails (1.0.3)
      compass (>= 0.12.2, < 0.14)
    connection_pool (1.0.0)
    countries (0.8.2)
      currencies (= 0.4.0)
      currencies (>= 0.2.0)
    css_parser (1.3.4)
      addressable
    currencies (0.4.0)
    database_cleaner (0.8.0)
    debugger (1.2.2)
      columnize (>= 0.3.1)
      debugger-linecache (~> 1.1.1)
      debugger-ruby_core_source (~> 1.1.5)
    debugger-linecache (1.1.2)
      debugger-ruby_core_source (>= 1.1.1)
    debugger-ruby_core_source (1.1.8)
    decorates_before_rendering (0.0.3)
      activesupport (>= 3.2.6)
    descendants_tracker (0.0.1)
    devise (2.2.3)
      bcrypt-ruby (~> 3.0)
      orm_adapter (~> 0.1)
      railties (~> 3.1)
      warden (~> 1.2.1)
    diff-lcs (1.1.3)
    draper (1.1.0)
      actionpack (>= 3.0)
      activesupport (>= 3.0)
      request_store (~> 1.0.3)
    encryptor (1.1.3)
    erubis (2.7.0)
    execjs (1.4.0)
      multi_json (~> 1.0)
    facter (1.6.18)
    factory_girl (4.1.0)
      activesupport (>= 3.0.0)
    faker (1.1.2)
      i18n (~> 0.5)
    fakeweb (1.3.0)
    fakeweb-matcher (1.2.2)
      fakeweb (>= 1.2.5)
      rspec (>= 1.2.0)
    ffi (1.7.0)
    formatize (1.1.0)
      RedCloth (~> 4.2)
      actionpack (~> 3.0)
      bluecloth (~> 2.2)
    fssm (0.2.10)
    gli (2.5.5)
    highline (1.6.15)
    hike (1.2.2)
    hiredis (0.4.5)
    htmlentities (4.3.1)
    http_accept_language (1.0.2)
    httparty (0.9.0)
      multi_json (~> 1.0)
      multi_xml
    i18n (0.6.4)
    journey (1.0.4)
    jquery-rails (2.1.3)
      railties (>= 3.1.0, < 5.0)
      thor (~> 0.14)
    jquery-rails-cdn (0.2.1)
      jquery-rails
    js-routes (0.8.6)
      rails (>= 3.2)
    json (1.7.7)
    json_spec (1.0.3)
      multi_json (~> 1.0)
      rspec (~> 2.0)
    kgio (2.7.4)
    launchy (2.1.2)
      addressable (~> 2.3)
    lazy_high_charts (1.2.2)
      bundler (~> 1.0)
    less (2.3.1)
      commonjs (~> 0.2.6)
    less-rails (2.3.2)
      actionpack (>= 3.1)
      less (~> 2.3.1)
    libv8 (3.11.8.17)
    localeapp (0.6.9)
      gli
      i18n
      json
      rest-client
      ya2yaml
    mail (2.4.4)
      i18n (>= 0.4.0)
      mime-types (~> 1.16)
      treetop (~> 1.4.8)
    metaclass (0.0.1)
    mime-types (1.22)
    mocha (0.10.5)
      metaclass (~> 0.0.1)
    money (5.1.1)
      i18n (~> 0.6.0)
    money-rails (0.8.0)
      activesupport (>= 3.0)
      money (~> 5.1.0)
      railties (>= 3.0)
    multi_json (1.7.2)
    multi_xml (0.5.1)
    net-scp (1.0.4)
      net-ssh (>= 1.99.1)
    net-sftp (2.0.5)
      net-ssh (>= 2.0.9)
    net-ssh (2.6.2)
    net-ssh-gateway (1.1.0)
      net-ssh (>= 1.99.1)
    newrelic_rpm (3.5.6.55)
    nexmo (0.3.1)
      json (~> 1.5)
    no_peeping_toms (2.1.3)
      activerecord (>= 3.0.0)
      activesupport (>= 3.0.0)
    nokogiri (1.5.9)
    numerizer (0.1.1)
    orm_adapter (0.4.0)
    paperclip (3.4.1)
      activemodel (>= 3.0.0)
      activerecord (>= 3.0.0)
      activesupport (>= 3.0.0)
      cocaine (~> 0.5.0)
      mime-types
    pdfkit (0.5.3)
    pg (0.14.1)
    phonie (1.0.3)
    polyglot (0.3.3)
    premailer-rails (1.4.0)
      premailer (~> 1.7)
      rails (>= 3)
    quiet_assets (1.0.1)
      railties (~> 3.1)
    rack (1.4.5)
    rack-cache (1.2)
      rack (>= 0.4)
    rack-protection (1.2.0)
      rack
    rack-ssl (1.3.3)
      rack
    rack-test (0.6.2)
      rack (>= 1.0)
    rails (3.2.12)
      actionmailer (= 3.2.12)
      actionpack (= 3.2.12)
      activerecord (= 3.2.12)
      activeresource (= 3.2.12)
      activesupport (= 3.2.12)
      bundler (~> 1.0)
      railties (= 3.2.12)
    railties (3.2.12)
      actionpack (= 3.2.12)
      activesupport (= 3.2.12)
      rack-ssl (~> 1.3.2)
      rake (>= 0.8.7)
      rdoc (~> 3.4)
      thor (>= 0.14.6, < 2.0)
    raindrops (0.10.0)
    rake (10.0.4)
    rc_rails (2.1.1)
      rails (>= 3.1.0)
    rdoc (3.12.2)
      json (~> 1.4)
    redis (3.0.3)
    redis-activesupport (3.2.3)
      activesupport (~> 3.2.3)
      redis-store (~> 1.1.0)
    redis-namespace (1.2.1)
      redis (~> 3.0.0)
    redis-store (1.1.3)
      redis (>= 2.2.0)
    ref (1.0.4)
    remotipart (1.0.2)
    request_store (1.0.5)
    rest-client (1.6.7)
      mime-types (>= 1.16)
    rspec (2.12.0)
      rspec-core (~> 2.12.0)
      rspec-expectations (~> 2.12.0)
      rspec-mocks (~> 2.12.0)
    rspec-core (2.12.1)
    rspec-expectations (2.12.0)
      diff-lcs (~> 1.1.3)
    rspec-instafail (0.2.4)
    rspec-mocks (2.12.0)
    rspec-rails (2.12.0)
      actionpack (>= 3.0)
      activesupport (>= 3.0)
      railties (>= 3.0)
      rspec-core (~> 2.12.0)
      rspec-expectations (~> 2.12.0)
      rspec-mocks (~> 2.12.0)
    rspec-rerun (0.1.1)
      rspec (>= 2.11.0)
    ruby-ole (1.2.11.4)
    rubyzip (0.9.9)
    sass (3.2.6)
    sass-rails (3.2.6)
      railties (~> 3.2.0)
      sass (>= 3.1.10)
      tilt (~> 1.3)
    selenium-webdriver (2.32.1)
      childprocess (>= 0.2.5)
      multi_json (~> 1.0)
      rubyzip
      websocket (~> 1.0.4)
    sendgrid (1.0.1)
      json
      json
    sextant (0.1.3)
      activesupport (>= 3.2)
      rails (>= 3.2)
    shoulda-matchers (1.4.2)
      activesupport (>= 3.0.0)
      bourne (~> 1.1.2)
    sidekiq (2.9.0)
      celluloid (~> 0.12.0)
      connection_pool (~> 1.0)
      multi_json (~> 1)
      redis (~> 3)
      redis-namespace
    simple-navigation (3.9.0)
      activesupport (>= 2.3.2)
    sinatra (1.3.3)
      rack (~> 1.3, >= 1.3.6)
      rack-protection (~> 1.2)
      tilt (~> 1.3, >= 1.3.3)
    slim (1.2.2)
      temple (~> 0.4.0)
      tilt (~> 1.3.3)
    spreadsheet (0.7.3)
      ruby-ole (>= 1.0)
    sprockets (2.2.2)
      hike (~> 1.2)
      multi_json (~> 1.0)
      rack (~> 1.0)
      tilt (~> 1.1, != 1.3.0)
    swfobject-rails (1.1.1)
      rails (~> 3.2)
    temple (0.4.1)
    test_after_commit (0.0.1)
    therubyracer (0.11.4)
      libv8 (~> 3.11.8.12)
      ref
    thor (0.18.1)
    tilt (1.3.7)
    timecop (0.3.4)
    timers (1.1.0)
    treetop (1.4.12)
      polyglot
      polyglot (>= 0.3.1)
    tzinfo (0.3.37)
    uglifier (1.3.0)
      execjs (>= 0.3.0)
      multi_json (~> 1.0, >= 1.0.2)
    underscore-rails (1.3.1)
    unicorn (4.3.1)
      kgio (~> 2.6)
      rack
      raindrops (~> 0.7)
    uniform_notifier (1.2.0)
    uuidtools (2.1.3)
    valid_email (0.0.4)
      activemodel
      mail
    virtus (0.5.4)
      backports (~> 2.6.1)
      descendants_tracker (~> 0.0.1)
    warden (1.2.1)
      rack (>= 1.0)
    websocket (1.0.7)
    wkhtmltopdf-binary (0.9.9.1)
    xpath (0.1.4)
      nokogiri (~> 1.3)
    ya2yaml (0.31)

PLATFORMS
  ruby

DEPENDENCIES
  activemerchant
  activerecord-import
  acts_as_list
  airbrake
  airbrake_user_attributes
  annotate!
  aws-sdk
  better_errors
  binding_of_caller
  bullet
  capistrano
  capistrano-deploytags
  capistrano-detect-migrations
  capistrano-ext
  capybara
  capybara-screenshot
  capybara-webkit
  chronic_duration
  coffee-rails (~> 3.2.1)
  compass-rails
  countries
  database_cleaner
  debugger
  decorates_before_rendering
  devise
  draper
  encryptor
  enumerize!
  factory_girl
  faker
  fakeweb
  fakeweb-matcher
  formatize
  hiredis
  htmlentities
  http_accept_language
  jquery-rails
  jquery-rails-cdn
  js-routes
  json_spec
  kaminari!
  launchy
  lazy_high_charts
  less-rails
  localeapp
  money
  money-rails
  newrelic_rpm
  nexmo
  no_peeping_toms
  nokogiri
  paperclip
  pdfkit
  pg
  phonie
  premailer!
  premailer-rails
  quiet_assets
  rack
  rails
  rake
  rc_rails
  redis-activesupport
  remotipart
  request_store
  rspec-instafail
  rspec-rails
  rspec-rerun
  sass-rails
  sendgrid
  sextant
  shoulda-matchers
  sidekiq
  simple-navigation
  sinatra
  slim
  spreadsheet_on_rails!
  swfobject-rails
  test_after_commit
  therubyracer
  timecop
  twitter-bootstrap-markup-rails!
  twitter-bootstrap-rails!
  uglifier (>= 1.0.3)
  underscore-rails
  unicorn
  valid_email
  virtus
  wkhtmltopdf-binary
