GIT
  remote: git://github.com/lucaspiller/premailer.git
  revision: 1ba71b9b163a5c5e06b4e0680877ce345fdb38de
  specs:
    premailer (1.7.3)
      css_parser (>= 1.1.9)
      htmlentities (>= 4.0.0)

GIT
  remote: git://github.com/plataformatec/simple_form.git
  revision: 87323fd625802f3aea7fd7d8a2fd64016b18cdaa
  specs:
    simple_form (3.0.0.rc)
      actionpack (>= 4.0.0, < 4.1)
      activemodel (>= 4.0.0, < 4.1)

GIT
  remote: http://github.com/10to1/spreadsheet_on_rails.git
  revision: 6912f1aee9da2f5e5798f2042ad63e80bc56b979
  specs:
    spreadsheet_on_rails (1.0.0)
      rails (>= 3.0.1)
      spreadsheet

GIT
  remote: http://github.com/RubyMoney/money-rails.git
  revision: fe757b0b48bd59b7e5277ad7b3ce8b78e3b8d646
  branch: master
  specs:
    money-rails (0.8.1)
      activesupport (>= 3.0)
      money (~> 5.1.0)
      railties (>= 3.0)

GIT
  remote: http://github.com/amatsuda/kaminari.git
  revision: d5757227d7fafacefeab3d585f41c11933bd46db
  specs:
    kaminari (0.14.1)
      actionpack (>= 3.0.0)
      activesupport (>= 3.0.0)

GIT
  remote: http://github.com/brainspec/enumerize.git
  revision: 9dc06ba60d0f134db726c2da52c8d255dbc07eba
  ref: 9dc06ba60d0f134db726c2da52c8d255dbc07eba
  specs:
    enumerize (0.5.1)
      activesupport (>= 3.2)

GIT
  remote: http://github.com/ctran/annotate_models.git
  revision: 54bdf7e2963b673a3c4f865d56dc5055dbff11cd
  specs:
    annotate (2.6.0.beta2)
      activerecord (>= 2.3.0)
      rake (>= 0.8.7)

GIT
  remote: http://github.com/geraudmathe/swfobject-rails.git
  revision: 0e50c7a332ed6c9874cd10277dda85c3b5d71415
  branch: master
  specs:
    swfobject-rails (1.1.1)
      rails (>= 3.2)

GIT
  remote: http://github.com/paolodona/rails_locale_detection.git
  revision: 0ec1fda9431356d68ea0d94a66e1e947bf0318e7
  branch: master
  specs:
    rails_locale_detection (2.0.0.pre2)
      http_accept_language (~> 1.0.2)
      rails (>= 3.2.13)

GIT
  remote: http://github.com/paolodona/resources_controller.git
  revision: 9de5fb7261db2b2c6b4648bd6379e3ab73d03a5d
  branch: master
  specs:
    rc_rails (2.1.1)
      rails (>= 3.1.0)

GIT
  remote: http://github.com/pusewicz/twitter-bootstrap-markup-rails.git
  revision: 7736a9f79c5df2d9d2914359045bd3c5a9c791e9
  branch: master
  specs:
    twitter-bootstrap-markup-rails (0.3.2.2)
      railties (>= 3.0)

GIT
  remote: http://github.com/rails/sass-rails.git
  revision: debabfce664370f18e5ed6e6ae2fb3772883a284
  branch: master
  specs:
    sass-rails (4.0.1)
      railties (>= 4.0.0, < 5.0)
      sass (>= 3.1.10)
      sprockets-rails (~> 2.0.0)

GIT
  remote: http://github.com/seyhunak/twitter-bootstrap-rails.git
  revision: 16d9cd83b17b1d2d4fc5b7e7c3c1ea968688ae62
  specs:
    twitter-bootstrap-rails (2.2.8)
      actionpack (>= 3.1)
      execjs
      rails (>= 3.1)
      railties (>= 3.1)

GIT
  remote: http://github.com/solnic/virtus.git
  revision: d344e5b4373ee119b04cde36b4ba8ab010e8c211
  specs:
    virtus (1.0.0)
      axiom-types (~> 0.0.5)
      coercible (~> 0.2)
      descendants_tracker (~> 0.0.1)
      equalizer (~> 0.0.7)

GIT
  remote: https://github.com/jodosha/redis-store.git
  revision: 9226b96affdd2e68a477d23bbe8d2f52a857ae6e
  branch: master
  specs:
    redis-activesupport (4.0.0)
      activesupport (>= 3.2.3)
      redis-store (~> 1.1.0)

GEM
  remote: https://rubygems.org/
  specs:
    actionmailer (4.0.0)
      actionpack (= 4.0.0)
      mail (~> 2.5.3)
    actionpack (4.0.0)
      activesupport (= 4.0.0)
      builder (~> 3.1.0)
      erubis (~> 2.7.0)
      rack (~> 1.5.2)
      rack-test (~> 0.6.2)
    active_utils (2.0.1)
      activesupport (>= 2.3.11)
      i18n
    activemerchant (1.40.0)
      active_utils (~> 2.0, >= 2.0.1)
      activesupport (>= 2.3.14, < 5.0.0)
      builder (>= 2.1.2, < 4.0.0)
      i18n (~> 0.5)
      json (~> 1.7)
      money (< 6.0.0)
      nokogiri (~> 1.4)
    activemodel (4.0.0)
      activesupport (= 4.0.0)
      builder (~> 3.1.0)
    activerecord (4.0.0)
      activemodel (= 4.0.0)
      activerecord-deprecated_finders (~> 1.0.2)
      activesupport (= 4.0.0)
      arel (~> 4.0.0)
    activerecord-deprecated_finders (1.0.3)
    activerecord-import (0.4.1)
      activerecord (>= 3.0)
    activesupport (4.0.0)
      i18n (~> 0.6, >= 0.6.4)
      minitest (~> 4.2)
      multi_json (~> 1.3)
      thread_safe (~> 0.1)
      tzinfo (~> 0.3.37)
    acts_as_list (0.3.0)
      activerecord (>= 3.0)
    addressable (2.3.5)
    airbrake (3.1.14)
      builder
      json
    arel (4.0.0)
    atomic (1.1.14)
    aws-sdk (1.11.1)
      json (~> 1.4)
      nokogiri (>= 1.4.4)
      uuidtools (~> 2.1)
    axiom-types (0.0.5)
      descendants_tracker (~> 0.0.1)
      ice_nine (~> 0.9)
    backports (3.3.5)
    bcrypt-ruby (3.1.2)
    better_errors (0.9.0)
      coderay (>= 1.0.0)
      erubis (>= 2.6.6)
    binding_of_caller (0.7.2)
      debug_inspector (>= 0.0.1)
    builder (3.1.4)
    bullet (4.6.0)
      uniform_notifier
    capistrano (2.15.5)
      highline
      net-scp (>= 1.0.0)
      net-sftp (>= 2.0.0)
      net-ssh (>= 2.0.14)
      net-ssh-gateway (>= 1.1.0)
    capistrano-deploytags (0.7.0)
      capistrano
      capistrano-ext
    capistrano-detect-migrations (0.6.3)
      capistrano
      capistrano-deploytags
      capistrano-ext
    capistrano-ext (1.2.1)
      capistrano (>= 1.0.0)
    capybara (2.1.0)
      mime-types (>= 1.16)
      nokogiri (>= 1.3.3)
      rack (>= 1.0.0)
      rack-test (>= 0.5.4)
      xpath (~> 2.0)
    capybara-screenshot (0.3.13)
      capybara (>= 1.0, < 3)
    celluloid (0.15.2)
      timers (~> 1.1.0)
    chronic_duration (0.10.2)
      numerizer (~> 0.1.1)
    chunky_png (1.2.8)
    coderay (1.0.9)
    coercible (0.2.0)
      backports (~> 3.0, >= 3.1.0)
      descendants_tracker (~> 0.0.1)
    coffee-rails (4.0.1)
      coffee-script (>= 2.2.0)
      railties (>= 4.0.0, < 5.0)
    coffee-script (2.2.0)
      coffee-script-source
      execjs
    coffee-script-source (1.6.3)
    commonjs (0.2.7)
    compass (0.12.2)
      chunky_png (~> 1.2)
      fssm (>= 0.2.7)
      sass (~> 3.1)
    compass-rails (2.0.alpha.0)
      compass (>= 0.12.2, < 0.14)
    connection_pool (1.1.0)
    countries (0.9.2)
      currencies (>= 0.4.0)
    css_parser (1.3.4)
      addressable
    currencies (0.4.2)
    database_cleaner (1.1.1)
    date_validator (0.7.0)
      activemodel (>= 3)
    debug_inspector (0.0.2)
    decorates_before_rendering (0.0.3)
      activesupport (>= 3.2.6)
    descendants_tracker (0.0.3)
    devise (3.1.1)
      bcrypt-ruby (~> 3.0)
      orm_adapter (~> 0.1)
      railties (>= 3.2.6, < 5)
      thread_safe (~> 0.1)
      warden (~> 1.2.3)
    diff-lcs (1.2.4)
    draper (1.2.1)
      actionpack (>= 3.0)
      activesupport (>= 3.0)
      request_store (~> 1.0.3)
    encryptor (1.1.3)
    equalizer (0.0.7)
    erubis (2.7.0)
    eventmachine (1.0.3)
    execjs (2.0.2)
    factory_girl (4.2.0)
      activesupport (>= 3.0.0)
    faker (1.2.0)
      i18n (~> 0.5)
    fakeweb (1.3.0)
    fakeweb-matcher (1.2.2)
      fakeweb (>= 1.2.5)
      rspec (>= 1.2.0)
    faye-websocket (0.4.7)
      eventmachine (>= 0.12.0)
    fssm (0.2.10)
    gli (2.8.1)
    highline (1.6.19)
    hike (1.2.3)
    htmlentities (4.3.1)
    http_accept_language (1.0.2)
    http_parser.rb (0.5.3)
    i18n (0.6.5)
    ice_nine (0.10.0)
    jquery-rails (3.0.4)
      railties (>= 3.0, < 5.0)
      thor (>= 0.14, < 2.0)
    jquery-rails-cdn (1.0.1)
      jquery-rails
    js-routes (0.9.4)
      rails (>= 3.2)
    json (1.8.1)
    kgio (2.8.0)
    launchy (2.3.0)
      addressable (~> 2.3)
    less (2.4.0)
      commonjs (~> 0.2.7)
    less-rails (2.4.2)
      actionpack (>= 3.1)
      less (~> 2.4.0)
    libv8 (3.16.14.3)
    liquid (2.5.3)
    localeapp (0.6.14)
      gli
      i18n
      json
      rack
      rest-client
      ya2yaml
    mail (2.5.4)
      mime-types (~> 1.16)
      treetop (~> 1.4.8)
    mime-types (1.25)
    mini_portile (0.5.1)
    minitest (4.7.5)
    money (5.1.1)
      i18n (~> 0.6.0)
    multi_json (1.8.2)
    net-scp (1.1.2)
      net-ssh (>= 2.6.5)
    net-sftp (2.1.2)
      net-ssh (>= 2.6.5)
    net-ssh (2.6.8)
    net-ssh-gateway (1.2.0)
      net-ssh (>= 2.6.5)
    newrelic_rpm (3.6.8.168)
    nexmo (1.2.0)
    nokogiri (1.6.0)
      mini_portile (~> 0.5.0)
    numerizer (0.1.1)
    oj (2.1.7)
    orm_adapter (0.4.0)
    paranoia (2.0.0)
      activerecord (~> 4.0)
    pdfkit (0.5.4)
    pg (0.17.0)
    phonie (2.1.2)
      activemodel
    poltergeist (1.3.0)
      capybara (~> 2.1.0)
      faye-websocket (>= 0.4.4, < 0.5.0)
      http_parser.rb (~> 0.5.3)
    polyglot (0.3.3)
    premailer-rails (1.4.0)
      premailer (~> 1.7)
      rails (>= 3)
    quiet_assets (1.0.2)
      railties (>= 3.1, < 5.0)
    rabl (0.9.0)
      activesupport (>= 2.3.14)
    rack (1.5.2)
    rack-protection (1.5.0)
      rack
    rack-test (0.6.2)
      rack (>= 1.0)
    rails (4.0.0)
      actionmailer (= 4.0.0)
      actionpack (= 4.0.0)
      activerecord (= 4.0.0)
      activesupport (= 4.0.0)
      bundler (>= 1.3.0, < 2.0)
      railties (= 4.0.0)
      sprockets-rails (~> 2.0.0)
    railties (4.0.0)
      actionpack (= 4.0.0)
      activesupport (= 4.0.0)
      rake (>= 0.8.7)
      thor (>= 0.18.1, < 2.0)
    raindrops (0.11.0)
    rake (10.1.0)
    recurrence (1.2.0)
      activesupport (>= 2.3.0)
      i18n
    redis (3.0.5)
    redis-namespace (1.3.1)
      redis (~> 3.0.0)
    redis-store (1.1.2)
      redis (>= 2.2.0)
    ref (1.0.5)
    remotipart (1.2.1)
    request_store (1.0.5)
    rest-client (1.6.7)
      mime-types (>= 1.16)
    rspec (2.14.1)
      rspec-core (~> 2.14.0)
      rspec-expectations (~> 2.14.0)
      rspec-mocks (~> 2.14.0)
    rspec-core (2.14.5)
    rspec-expectations (2.14.2)
      diff-lcs (>= 1.1.3, < 2.0)
    rspec-instafail (0.2.4)
    rspec-mocks (2.14.3)
    rspec-rails (2.14.0)
      actionpack (>= 3.0)
      activesupport (>= 3.0)
      railties (>= 3.0)
      rspec-core (~> 2.14.0)
      rspec-expectations (~> 2.14.0)
      rspec-mocks (~> 2.14.0)
    ruby-ole (1.2.11.7)
    sass (3.2.12)
    select2-rails (3.5.0)
      thor (~> 0.14)
    sendgrid (1.2.0)
      json
      json
    sextant (0.2.4)
      rails (>= 3.2)
    shoulda-matchers (2.3.0)
      activesupport (>= 3.0.0)
    sidekiq (2.15.2)
      celluloid (>= 0.15.2)
      connection_pool (>= 1.0.0)
      json
      redis (>= 3.0.4)
      redis-namespace (>= 1.3.1)
    sinatra (1.4.3)
      rack (~> 1.4)
      rack-protection (~> 1.4)
      tilt (~> 1.3, >= 1.3.4)
    slim (2.0.0)
      temple (~> 0.6.5)
      tilt (~> 1.3, >= 1.3.3)
    spreadsheet (0.9.0)
      ruby-ole (>= 1.0)
    sprockets (2.10.0)
      hike (~> 1.2)
      multi_json (~> 1.0)
      rack (~> 1.0)
      tilt (~> 1.1, != 1.3.0)
    sprockets-rails (2.0.1)
      actionpack (>= 3.0)
      activesupport (>= 3.0)
      sprockets (~> 2.8)
    temple (0.6.5)
    test_after_commit (0.2.0)
    therubyracer (0.12.0)
      libv8 (~> 3.16.14.0)
      ref
    thor (0.18.1)
    thread_safe (0.1.3)
      atomic
    tilt (1.4.1)
    timecop (0.6.3)
    timers (1.1.0)
    treetop (1.4.15)
      polyglot
      polyglot (>= 0.3.1)
    tzinfo (0.3.38)
    uglifier (2.2.1)
      execjs (>= 0.3.0)
      multi_json (~> 1.0, >= 1.0.2)
    underscore-rails (1.5.2)
    unicorn (4.6.3)
      kgio (~> 2.6)
      rack
      raindrops (~> 0.7)
    uniform_notifier (1.2.0)
    uuidtools (2.1.4)
    valid_email (0.0.4)
      activemodel
      mail
    warden (1.2.3)
      rack (>= 1.0)
    wkhtmltopdf-binary (0.9.9.1)
    xpath (2.0.0)
      nokogiri (~> 1.3)
    ya2yaml (0.31)

PLATFORMS
  ruby

DEPENDENCIES
  activemerchant
  activerecord-import
  acts_as_list
  airbrake
  annotate!
  aws-sdk
  better_errors
  binding_of_caller
  bullet
  capistrano
  capistrano-deploytags
  capistrano-detect-migrations
  capistrano-ext
  capybara
  capybara-screenshot
  chronic_duration
  coffee-rails
  compass-rails (~> 2.0.alpha.0)
  countries
  database_cleaner
  date_validator
  decorates_before_rendering
  devise
  draper
  encryptor
  enumerize!
  factory_girl
  faker
  fakeweb
  fakeweb-matcher
  htmlentities
  jquery-rails
  jquery-rails-cdn
  js-routes
  kaminari!
  launchy
  less-rails
  liquid
  localeapp
  money
  money-rails!
  newrelic_rpm
  nexmo
  nokogiri
  oj
  paranoia
  pdfkit
  pg
  phonie
  poltergeist
  premailer!
  premailer-rails
  quiet_assets
  rabl
  rack
  rails (= 4.0.0)
  rails_locale_detection!
  rake
  rc_rails!
  recurrence
  redis-activesupport!
  remotipart
  request_store
  rspec-instafail
  rspec-rails
  sass-rails!
  select2-rails
  sendgrid
  sextant
  shoulda-matchers
  sidekiq
  simple_form!
  sinatra
  slim
  spreadsheet_on_rails!
  swfobject-rails!
  test_after_commit
  therubyracer
  timecop
  twitter-bootstrap-markup-rails!
  twitter-bootstrap-rails!
  uglifier (>= 2.1.2)
  underscore-rails
  unicorn
  valid_email
  virtus!
  wkhtmltopdf-binary
