GIT
  remote: http://github.com/RubyMoney/money-rails.git
  revision: 47792b4d03322d8481b61a1574d135a9852dc857
  branch: upgrade_to_money_6_1
  specs:
    money-rails (0.9.0)
      activesupport (>= 3.0)
      monetize (~> 0.1.4)
      money (~> 6.1.0.beta1)
      railties (>= 3.0)

GIT
  remote: http://github.com/RubyMoney/money.git
  revision: e46540990da5f236b715eb4e218c7092eefa9e48
  specs:
    money (6.1.1)
      i18n (~> 0.6.4)

GIT
  remote: http://github.com/amatsuda/kaminari.git
  revision: b6aa5650c262985ac79891f034fbd563b02d3642
  specs:
    kaminari (0.15.0)
      actionpack (>= 3.0.0)
      activesupport (>= 3.0.0)

GIT
  remote: http://github.com/brainspec/enumerize.git
  revision: 9dc06ba60d0f134db726c2da52c8d255dbc07eba
  ref: 9dc06ba60d0f134db726c2da52c8d255dbc07eba
  specs:
    enumerize (0.5.1)
      activesupport (>= 3.2)

GIT
  remote: http://github.com/ctran/annotate_models.git
  revision: eb633bcf19c6a1242cb069e2e66829a9fa0021f1
  specs:
    annotate (2.6.1)
      activerecord (>= 2.3.0)
      rake (>= 0.8.7)

GIT
  remote: http://github.com/hexorx/countries
  revision: 9725706f33008074ff4ff350beffac23d1848359
  branch: master
  specs:
    countries (0.9.3)
      currencies (~> 0.4.2)

GIT
  remote: http://github.com/paolodona/rails_locale_detection.git
  revision: 0ec1fda9431356d68ea0d94a66e1e947bf0318e7
  branch: master
  specs:
    rails_locale_detection (2.0.0.pre2)
      http_accept_language (~> 1.0.2)
      rails (>= 3.2.13)

GIT
  remote: http://github.com/paolodona/resources_controller.git
  revision: e0059bdf9cf138ce92c267993b4524eb3798748d
  branch: master
  specs:
    rc_rails (2.1.1)
      rails (>= 3.1.0)

GIT
  remote: http://github.com/paolodona/unlocalize
  revision: e5c2e28dab6e6be6680b0492cabb17d6ab84c02b
  branch: master
  specs:
    unlocalize (0.1.0)
      rails (>= 4.0.0)

GIT
  remote: http://github.com/plataformatec/simple_form.git
  revision: 6ce9a15a5abbd17f82fe4a0173fcfe676b0a2138
  specs:
    simple_form (3.0.1)
      actionpack (>= 4.0.0, < 4.1)
      activemodel (>= 4.0.0, < 4.1)

GIT
  remote: http://github.com/scambra/devise_invitable
  revision: d3441d0f1083e9a858070aae64d1e683a2be42d2
  ref: d3441d0f1083e9a858070aae64d1e683a2be42d2
  specs:
    devise_invitable (1.3.2)
      actionmailer (>= 3.2.6, < 5)
      devise (>= 3.1.0)

GIT
  remote: http://github.com/solnic/virtus.git
  revision: 7ad62e27eb1b39831ba0da8abd76514ba1acbed4
  specs:
    virtus (1.0.1)
      axiom-types (~> 0.0.5)
      coercible (~> 1.0)
      descendants_tracker (~> 0.0.1)
      equalizer (~> 0.0.7)

GIT
  remote: https://github.com/geraudmathe/swfobject-rails.git
  revision: 0e50c7a332ed6c9874cd10277dda85c3b5d71415
  branch: master
  specs:
    swfobject-rails (1.1.1)
      rails (>= 3.2)

GIT
  remote: https://github.com/paolodona/ringcaptcha.git
  revision: 0f6081d6ea08c6ddb94c2c7fb425d18fb88fff50
  specs:
    ringcaptcha (0.0.1)

GIT
  remote: https://github.com/rails/sass-rails.git
  revision: 52b24bab699adf382f9a2b1faff35613aedd3e4a
  branch: master
  specs:
    sass-rails (4.0.1)
      railties (>= 4.0.0, < 5.0)
      sass (>= 3.2.0)
      sprockets-rails (~> 2.0.0)

GEM
  remote: http://rubygems.org/
  specs:
    actionmailer (4.0.3)
      actionpack (= 4.0.3)
      mail (~> 2.5.4)
    actionpack (4.0.3)
      activesupport (= 4.0.3)
      builder (~> 3.1.0)
      erubis (~> 2.7.0)
      rack (~> 1.5.2)
      rack-test (~> 0.6.2)
    active_utils (2.0.2)
      activesupport (>= 2.3.11)
      i18n
    activemerchant (1.42.8)
      active_utils (~> 2.0, >= 2.0.1)
      activesupport (>= 2.3.14, < 5.0.0)
      builder (>= 2.1.2, < 4.0.0)
      i18n (~> 0.5)
      json (~> 1.7)
      money (< 7.0.0)
      nokogiri (~> 1.4)
    activemodel (4.0.3)
      activesupport (= 4.0.3)
      builder (~> 3.1.0)
    activerecord (4.0.3)
      activemodel (= 4.0.3)
      activerecord-deprecated_finders (~> 1.0.2)
      activesupport (= 4.0.3)
      arel (~> 4.0.0)
    activerecord-deprecated_finders (1.0.3)
    activerecord-import (0.5.0)
      activerecord (>= 3.0)
    activesupport (4.0.3)
      i18n (~> 0.6, >= 0.6.4)
      minitest (~> 4.2)
      multi_json (~> 1.3)
      thread_safe (~> 0.1)
      tzinfo (~> 0.3.37)
    acts_as_list (0.4.0)
      activerecord (>= 3.0)
    addressable (2.3.6)
    airbrake (3.1.16)
      builder
      multi_json
    arel (4.0.2)
    aws-sdk (1.38.0)
      json (~> 1.4)
      nokogiri (>= 1.4.4)
      uuidtools (~> 2.1)
    axiom-types (0.0.5)
      descendants_tracker (~> 0.0.1)
      ice_nine (~> 0.9)
    bcrypt (3.1.7)
    better_errors (1.1.0)
      coderay (>= 1.0.0)
      erubis (>= 2.6.6)
    binding_of_caller (0.7.2)
      debug_inspector (>= 0.0.1)
    browser (0.4.1)
    builder (3.1.4)
    bullet (4.8.0)
      activesupport
      uniform_notifier (>= 1.4.0)
    byebug (2.7.0)
      columnize (~> 0.3)
      debugger-linecache (~> 1.2)
    capistrano (2.15.5)
      highline
      net-scp (>= 1.0.0)
      net-sftp (>= 2.0.0)
      net-ssh (>= 2.0.14)
      net-ssh-gateway (>= 1.1.0)
    capistrano-deploytags (0.9.1)
      capistrano
      capistrano-ext
    capistrano-detect-migrations (0.6.3)
      capistrano
      capistrano-deploytags
      capistrano-ext
    capistrano-ext (1.2.1)
      capistrano (>= 1.0.0)
    capybara (2.2.1)
      mime-types (>= 1.16)
      nokogiri (>= 1.3.3)
      rack (>= 1.0.0)
      rack-test (>= 0.5.4)
      xpath (~> 2.0)
    capybara-screenshot (0.3.19)
      capybara (>= 1.0, < 3)
      launchy
    celluloid (0.15.2)
      timers (~> 1.1.0)
    childprocess (0.5.2)
      ffi (~> 1.0, >= 1.0.11)
    chronic_duration (0.10.4)
      numerizer (~> 0.1.1)
    coderay (1.1.0)
    coercible (1.0.0)
      descendants_tracker (~> 0.0.1)
    coffee-rails (4.0.1)
      coffee-script (>= 2.2.0)
      railties (>= 4.0.0, < 5.0)
    coffee-script (2.2.0)
      coffee-script-source
      execjs
    coffee-script-source (1.7.0)
    columnize (0.3.6)
    connection_pool (2.0.0)
    css_parser (1.3.5)
      addressable
    currencies (0.4.2)
    date_validator (0.7.0)
      activemodel (>= 3)
    debug_inspector (0.0.2)
    debugger-linecache (1.2.0)
    decorates_before_rendering (0.0.3)
      activesupport (>= 3.2.6)
    descendants_tracker (0.0.3)
    devise (3.2.4)
      bcrypt (~> 3.0)
      orm_adapter (~> 0.1)
      railties (>= 3.2.6, < 5)
      thread_safe (~> 0.1)
      warden (~> 1.2.3)
    diff-lcs (1.2.5)
    draper (1.3.0)
      actionpack (>= 3.0)
      activemodel (>= 3.0)
      activesupport (>= 3.0)
      request_store (~> 1.0.3)
    encryptor (1.3.0)
    equalizer (0.0.9)
    erubis (2.7.0)
    execjs (2.0.2)
    factory_girl (4.4.0)
      activesupport (>= 3.0.0)
    faker (1.3.0)
      i18n (~> 0.5)
    fakeweb (1.3.0)
    ffi (1.9.3)
    foundation-rails (5.2.2.0)
      railties (>= 3.1.0)
      sass (>= 3.2.0)
    gli (2.9.0)
    highline (1.6.20)
    hike (1.2.3)
    htmlentities (4.3.1)
    http_accept_language (1.0.2)
    i18n (0.6.9)
    ice_nine (0.11.0)
    jquery-rails (3.1.0)
      railties (>= 3.0, < 5.0)
      thor (>= 0.14, < 2.0)
    jquery-rails-cdn (1.0.1)
      jquery-rails
    jquery-turbolinks (2.0.2)
      railties (>= 3.1.0)
      turbolinks
    js-routes (0.9.7)
      railties (>= 3.2)
      sprockets-rails
    json (1.8.1)
    kgio (2.9.2)
    launchy (2.4.2)
      addressable (~> 2.3)
    libv8 (3.16.14.3)
    liquid (2.6.1)
    localeapp (0.7.2)
      gli
      i18n
      json
      rack
      rest-client
      ya2yaml
    mail (2.5.4)
      mime-types (~> 1.16)
      treetop (~> 1.4.8)
    mail_view (2.0.4)
      tilt
    mime-types (1.25.1)
    mini_portile (0.5.3)
    minitest (4.7.5)
    monetize (0.1.4)
    multi_json (1.9.2)
    net-scp (1.1.2)
      net-ssh (>= 2.6.5)
    net-sftp (2.1.2)
      net-ssh (>= 2.6.5)
    net-ssh (2.8.0)
    net-ssh-gateway (1.2.0)
      net-ssh (>= 2.6.5)
    newrelic_rpm (3.7.3.204)
    nexmo (1.2.0)
    nokogiri (1.6.1)
      mini_portile (~> 0.5.0)
    numerizer (0.1.1)
    oj (2.7.3)
    orm_adapter (0.5.0)
    paranoia (2.0.2)
      activerecord (~> 4.0)
    pdfkit (0.6.2)
    pg (0.17.1)
    polyglot (0.3.4)
    premailer (1.8.2)
      css_parser (>= 1.3.5)
      htmlentities (>= 4.0.0)
    premailer-rails (1.7.0)
      actionmailer (>= 3, < 5)
      premailer (~> 1.7, >= 1.7.9)
    quiet_assets (1.0.2)
      railties (>= 3.1, < 5.0)
    rabl (0.9.3)
      activesupport (>= 2.3.14)
    rack (1.5.2)
    rack-protection (1.5.1)
      rack
    rack-test (0.6.2)
      rack (>= 1.0)
    rails (4.0.3)
      actionmailer (= 4.0.3)
      actionpack (= 4.0.3)
      activerecord (= 4.0.3)
      activesupport (= 4.0.3)
      bundler (>= 1.3.0, < 2.0)
      railties (= 4.0.3)
      sprockets-rails (~> 2.0.0)
    railties (4.0.3)
      actionpack (= 4.0.3)
      activesupport (= 4.0.3)
      rake (>= 0.8.7)
      thor (>= 0.18.1, < 2.0)
    raindrops (0.13.0)
    rake (10.2.2)
    recurrence (1.2.0)
      activesupport (>= 2.3.0)
      i18n
    redis (3.0.7)
    redis-activesupport (4.0.0)
      activesupport (~> 4)
      redis-store (~> 1.1.0)
    redis-namespace (1.4.1)
      redis (~> 3.0.4)
    redis-store (1.1.4)
      redis (>= 2.2)
    ref (1.0.5)
    remotipart (1.2.1)
    request_store (1.0.5)
    rest-client (1.6.7)
      mime-types (>= 1.16)
    rspec (2.14.1)
      rspec-core (~> 2.14.0)
      rspec-expectations (~> 2.14.0)
      rspec-mocks (~> 2.14.0)
    rspec-core (2.14.8)
    rspec-expectations (2.14.5)
      diff-lcs (>= 1.1.3, < 2.0)
    rspec-mocks (2.14.6)
    rspec-rails (2.14.2)
      actionpack (>= 3.0)
      activemodel (>= 3.0)
      activesupport (>= 3.0)
      railties (>= 3.0)
      rspec-core (~> 2.14.0)
      rspec-expectations (~> 2.14.0)
      rspec-mocks (~> 2.14.0)
    rubyzip (1.1.3)
    sass (3.3.4)
    select2-rails (3.5.4)
      thor (~> 0.14)
    selenium-webdriver (2.41.0)
      childprocess (>= 0.5.0)
      multi_json (~> 1.0)
      rubyzip (~> 1.0)
      websocket (~> 1.0.4)
    sendgrid (1.2.0)
      json
      json
    sextant (0.2.4)
      rails (>= 3.2)
    shoulda-matchers (2.6.0)
      activesupport (>= 3.0.0)
    sidekiq (3.0.0)
      celluloid (>= 0.15.2)
      connection_pool (>= 2.0.0)
      json
      redis (>= 3.0.6)
      redis-namespace (>= 1.3.1)
    sinatra (1.4.4)
      rack (~> 1.4)
      rack-protection (~> 1.4)
      tilt (~> 1.3, >= 1.3.4)
    slim (2.0.2)
      temple (~> 0.6.6)
      tilt (>= 1.3.3, < 2.1)
    sprockets (2.11.0)
      hike (~> 1.2)
      multi_json (~> 1.0)
      rack (~> 1.0)
      tilt (~> 1.1, != 1.3.0)
    sprockets-rails (2.0.1)
      actionpack (>= 3.0)
      activesupport (>= 3.0)
      sprockets (~> 2.8)
    temple (0.6.7)
    therubyracer (0.12.1)
      libv8 (~> 3.16.14.0)
      ref
    thor (0.19.1)
    thread_safe (0.3.3)
    tilt (1.4.1)
    timecop (0.7.1)
    timers (1.1.0)
    treetop (1.4.15)
      polyglot
      polyglot (>= 0.3.1)
    turbolinks (2.2.2)
      coffee-rails
    tzinfo (0.3.39)
    uglifier (2.5.0)
      execjs (>= 0.3.0)
      json (>= 1.8.0)
    underscore-rails (1.6.0)
    unicorn (4.8.2)
      kgio (~> 2.6)
      rack
      raindrops (~> 0.7)
    uniform_notifier (1.4.0)
    uuidtools (2.1.4)
    valid_email (0.0.4)
      activemodel
      mail
    warden (1.2.3)
      rack (>= 1.0)
    websocket (1.0.7)
    wicked (1.0.2)
      rails (>= 3.0.7)
    wkhtmltopdf-binary (0.9.9.1)
    xpath (2.0.0)
      nokogiri (~> 1.3)
    ya2yaml (0.31)

PLATFORMS
  ruby

DEPENDENCIES
  activemerchant
  activerecord-import
  acts_as_list
  airbrake
  annotate!
  aws-sdk
  better_errors
  binding_of_caller
  browser
  bullet
  byebug
  capistrano (~> 2.15)
  capistrano-deploytags (~> 0.8)
  capistrano-detect-migrations (~> 0.6)
  capistrano-ext (~> 1.2)
  capybara
  capybara-screenshot
  chronic_duration
  coffee-rails
  countries!
  date_validator
  decorates_before_rendering
  devise
  devise_invitable!
  draper
  encryptor
  enumerize!
  factory_girl
  faker
  fakeweb
  foundation-rails
  htmlentities
  jquery-rails
  jquery-rails-cdn
  jquery-turbolinks
  js-routes
  kaminari!
  launchy
  liquid
  localeapp
  mail_view
  monetize
  money (= 6.1.1)!
  money-rails!
  newrelic_rpm
  nexmo
  nokogiri
  oj
  paranoia
  pdfkit
  pg
  premailer
  premailer-rails
  quiet_assets
  rabl
  rack
  rails (= 4.0.3)
  rails_locale_detection!
  rake
  rc_rails!
  recurrence
  redis-activesupport
  remotipart
  request_store
  ringcaptcha!
  rspec (~> 2.14.1)
  rspec-rails
  sass-rails!
  select2-rails
  selenium-webdriver
  sendgrid
  sextant
  shoulda-matchers
  sidekiq
  simple_form!
  sinatra
  slim
  swfobject-rails!
  therubyracer
  timecop
  turbolinks
  uglifier (>= 2.1.2)
  underscore-rails
  unicorn
  unlocalize!
  valid_email
  virtus!
  wicked
  wkhtmltopdf-binary
